GEM
  remote: https://rubygems.org/
  specs:
    ipaddress (0.8.3)
    logger (1.5.3)
    rb_tuntap (0.2.0-x86_64-linux)

PLATFORMS
  x86_64-linux

DEPENDENCIES
  ipaddress
  logger
  rb_tuntap

BUNDLED WITH
   2.4.8
