GEM
  remote: https://rubygems.org/
  specs:
    atk (4.1.7)
      glib2 (= 4.1.7)
    cairo (1.17.8)
      native-package-installer (>= 1.0.3)
      pkg-config (>= 1.2.2)
      red-colors
    cairo-gobject (4.1.7)
      cairo (>= 1.16.2)
      glib2 (= 4.1.7)
    fiddle (1.1.1)
    gdk3 (4.1.7)
      cairo-gobject (= 4.1.7)
      gdk_pixbuf2 (= 4.1.7)
      pango (= 4.1.7)
    gdk_pixbuf2 (4.1.7)
      gio2 (= 4.1.7)
    gio2 (4.1.7)
      fiddle
      gobject-introspection (= 4.1.7)
    glib2 (4.1.7)
      native-package-installer (>= 1.0.3)
      pkg-config (>= 1.3.5)
    gobject-introspection (4.1.7)
      glib2 (= 4.1.7)
    gtk3 (4.1.7)
      atk (= 4.1.7)
      gdk3 (= 4.1.7)
    ipaddress (0.8.3)
    logger (1.5.3)
    matrix (0.4.2)
    native-package-installer (1.1.5)
    pango (4.1.7)
      cairo-gobject (= 4.1.7)
      gobject-introspection (= 4.1.7)
    pkg-config (1.5.1)
    rb_tuntap (0.2.0-x86_64-linux)
    red-colors (0.3.0)
      matrix

PLATFORMS
  x86_64-linux

DEPENDENCIES
  gtk3
  ipaddress
  logger
  rb_tuntap

BUNDLED WITH
   2.4.8
