GEM
  remote: https://rubygems.org/
  specs:
    interfacez (1.0.4)
    logger (1.5.3)
    packetgen (3.2.2)
      interfacez (~> 1.0)
      pcaprub (~> 0.12.0)
      rasn1 (~> 0.8, >= 0.8.0)
    pcaprub (0.12.4)
    rasn1 (0.12.1)
      strptime (~> 0.2.5)
    rb_tuntap (0.2.0-x86_64-linux)
    strptime (0.2.5)

PLATFORMS
  x86_64-linux

DEPENDENCIES
  logger
  packetgen
  rb_tuntap

BUNDLED WITH
   2.4.8
